GEM
  remote: https://rubygems.org/
  specs:
    addressable (2.6.0)
      public_suffix (>= 2.0.2, < 4.0)
    ast (2.4.0)
    bcrypt (3.1.12)
    byebug (11.0.0)
    capybara (3.14.0)
      addressable
      mini_mime (>= 0.1.3)
      nokogiri (~> 1.8)
      rack (>= 1.6.0)
      rack-test (>= 0.6.3)
      regexp_parser (~> 1.2)
      xpath (~> 3.2)
    capybara-webkit (1.15.1)
      capybara (>= 2.3, < 4.0)
      json
    coderay (1.1.2)
    concurrent-ruby (1.1.4)
    dotenv (2.7.1)
    dry-configurable (0.8.2)
      concurrent-ruby (~> 1.0)
      dry-core (~> 0.4, >= 0.4.7)
    dry-container (0.7.0)
      concurrent-ruby (~> 1.0)
      dry-configurable (~> 0.1, >= 0.1.3)
    dry-core (0.4.7)
      concurrent-ruby (~> 1.0)
    dry-equalizer (0.2.1)
    dry-initializer (1.4.1)
    dry-logic (0.4.2)
      dry-container (~> 0.2, >= 0.2.6)
      dry-core (~> 0.2)
      dry-equalizer (~> 0.2)
    dry-struct (0.3.1)
      dry-configurable (~> 0.1)
      dry-core (~> 0.3)
      dry-equalizer (~> 0.2)
      dry-types (~> 0.9, >= 0.9.0)
      ice_nine (~> 0.11)
    dry-types (0.11.1)
      concurrent-ruby (~> 1.0)
      dry-configurable (~> 0.1)
      dry-container (~> 0.3)
      dry-core (~> 0.2, >= 0.2.1)
      dry-equalizer (~> 0.2)
      dry-logic (~> 0.4, >= 0.4.0)
      inflecto (~> 0.0.0, >= 0.0.2)
    dry-validation (0.11.0)
      concurrent-ruby (~> 1.0)
      dry-configurable (~> 0.1, >= 0.1.3)
      dry-core (~> 0.2, >= 0.2.1)
      dry-equalizer (~> 0.2)
      dry-logic (~> 0.4, >= 0.4.0)
      dry-types (~> 0.11.0)
    execjs (2.7.0)
    ffi (1.10.0)
    hanami (1.3.1)
      bundler (>= 1.6, < 3)
      concurrent-ruby (~> 1.0)
      hanami-assets (~> 1.3)
      hanami-cli (~> 0.3)
      hanami-controller (~> 1.3)
      hanami-helpers (~> 1.3)
      hanami-mailer (~> 1.3)
      hanami-router (~> 1.3)
      hanami-utils (~> 1.3)
      hanami-validations (~> 1.3)
      hanami-view (~> 1.3)
    hanami-assets (1.3.1)
      hanami-helpers (~> 1.3)
      hanami-utils (~> 1.3)
      tilt (~> 2.0, >= 2.0.2)
    hanami-bootstrap (0.4.0)
      hanami-assets (>= 0.2, < 2)
    hanami-cli (0.3.1)
      concurrent-ruby (~> 1.0)
      hanami-utils (~> 1.3)
    hanami-controller (1.3.1)
      hanami-utils (~> 1.3)
      rack (~> 2.0)
    hanami-helpers (1.3.1)
      hanami-utils (~> 1.3)
    hanami-mailer (1.3.1)
      hanami-utils (~> 1.3)
      mail (~> 2.6)
      tilt (~> 2.0, >= 2.0.1)
    hanami-model (1.3.2)
      concurrent-ruby (~> 1.0)
      dry-logic (~> 0.4.2, < 0.5)
      dry-types (~> 0.11.0)
      hanami-utils (~> 1.3)
      rom (~> 3.3, >= 3.3.3)
      rom-repository (~> 1.4)
      rom-sql (~> 1.3, >= 1.3.5)
    hanami-router (1.3.1)
      hanami-utils (~> 1.3)
      http_router (= 0.11.2)
      rack (~> 2.0)
    hanami-utils (1.3.1)
      concurrent-ruby (~> 1.0)
      transproc (~> 1.0)
    hanami-validations (1.3.3)
      dry-logic (~> 0.4.2, < 0.5)
      dry-validation (~> 0.11, < 0.12)
      hanami-utils (~> 1.3)
    hanami-view (1.3.1)
      hanami-utils (~> 1.3)
      tilt (~> 2.0, >= 2.0.1)
    http_router (0.11.2)
      rack (>= 1.0.0)
      url_mount (~> 0.2.1)
    i18n (0.8.6)
    ice_nine (0.11.2)
    inflecto (0.0.2)
    jaro_winkler (1.5.2)
    jquery-hanami (0.1.0)
      hanami-assets
    json (2.2.0)
    kgio (2.11.2)
    mail (2.7.1)
      mini_mime (>= 0.1.1)
    method_source (0.9.2)
    mini_mime (1.0.1)
    mini_portile2 (2.4.0)
    minitest (5.11.3)
    nokogiri (1.10.1)
      mini_portile2 (~> 2.4.0)
    parallel (1.14.0)
    parser (2.6.0.0)
      ast (~> 2.4.0)
    pg (1.1.4)
    powerpack (0.1.2)
    pry (0.12.2)
      coderay (~> 1.1.0)
      method_source (~> 0.9.0)
    pry-byebug (3.7.0)
      byebug (~> 11.0)
      pry (~> 0.10)
    psych (3.1.0)
    public_suffix (3.0.3)
    rack (2.0.6)
    rack-test (1.1.0)
      rack (>= 1.0, < 3)
    rainbow (3.0.0)
    raindrops (0.19.0)
    rake (12.3.2)
    rb-fsevent (0.10.3)
    rb-inotify (0.10.0)
      ffi (~> 1.0)
    regexp_parser (1.3.0)
    rom (3.3.3)
      concurrent-ruby (~> 1.0)
      dry-core (~> 0.3)
      dry-equalizer (~> 0.2)
      dry-initializer (~> 1.3)
      dry-types (~> 0.9, >= 0.9.4)
      rom-mapper (~> 0.5, >= 0.5.1)
    rom-mapper (0.5.1)
      dry-core (~> 0.2, >= 0.2.3)
      dry-equalizer (~> 0.2)
      transproc (~> 1.0)
    rom-repository (1.4.0)
      dry-core (~> 0.3, >= 0.3.1)
      dry-struct (~> 0.3)
      rom (~> 3.3)
      rom-mapper (~> 0.5)
    rom-sql (1.3.5)
      dry-core (~> 0.3)
      dry-equalizer (~> 0.2)
      dry-types (~> 0.11.0)
      rom (~> 3.2, >= 3.2.2)
      sequel (~> 4.43)
    rubocop (0.65.0)
      jaro_winkler (~> 1.5.1)
      parallel (~> 1.10)
      parser (>= 2.5, != 2.5.1.1)
      powerpack (~> 0.1)
      psych (>= 3.1.0)
      rainbow (>= 2.2.2, < 4.0)
      ruby-progressbar (~> 1.7)
      unicode-display_width (~> 1.4.0)
    ruby-progressbar (1.10.0)
    rubyXL (3.4.2)
      nokogiri (>= 1.4.4)
      rubyzip (>= 1.1.6)
    rubyzip (1.2.2)
    sass (3.7.3)
      sass-listen (~> 4.0.0)
    sass-listen (4.0.0)
      rb-fsevent (~> 0.9, >= 0.9.4)
      rb-inotify (~> 0.9, >= 0.9.7)
    sequel (4.49.0)
    shotgun (0.9.2)
      rack (>= 1.0)
    sqlite3 (1.4.0)
    tachiban (0.6.0)
      bcrypt (~> 3.1)
      hanami-controller (~> 1.0)
      hanami-router (~> 1.0)
    tilt (2.0.9)
    transproc (1.0.3)
    uglifier (4.1.20)
      execjs (>= 0.3.0, < 3)
    unicode-display_width (1.4.1)
    unicorn (5.5.0)
      kgio (~> 2.6)
      raindrops (~> 0.7)
    url_mount (0.2.1)
      rack
    xpath (3.2.0)
      nokogiri (~> 1.8)

PLATFORMS
  ruby

DEPENDENCIES
  byebug
  capybara
  capybara-webkit
  dotenv (~> 2.0)
  hanami (~> 1.3)
  hanami-bootstrap (= 0.4.0)
  hanami-model (~> 1.3)
  i18n (~> 0.8.6)
  jquery-hanami
  minitest
  pg
  pry
  pry-byebug
  rake
  rubocop
  rubyXL
  sass
  sequel
  shotgun
  sqlite3
  tachiban
  uglifier
  unicorn

RUBY VERSION
   ruby 2.6.3p62

BUNDLED WITH
   1.17.2
